RESTRICTION: >= net45
NUGET
  remote: https://api.nuget.org/v3/index.json
    ControlzEx (4.3) - restriction: || (&& (>= net45) (>= netcoreapp3.0)) (>= net452)
      Microsoft.Xaml.Behaviors.Wpf (>= 1.1.19)
    Extended.Wpf.Toolkit (3.8.1)
    gong-wpf-dragdrop (2.2)
    JetBrains.Annotations (2020.1) - copy_local: true
    MahApps.Metro (2.0.1)
      ControlzEx (>= 4.3) - restriction: || (&& (>= net45) (>= netcoreapp3.0)) (>= net452)
    MahApps.Metro.IconPacks (4.2)
    Microsoft.Xaml.Behaviors.Wpf (1.1.19) - restriction: || (&& (>= net45) (>= netcoreapp3.0)) (>= net452)

GROUP cake
RESTRICTION: >= net45
NUGET
  remote: https://api.nuget.org/v3/index.json
    Cake (0.38.2)
    Cake.Figlet (1.3.1)
    Cake.Git (0.21)
    Cake.Paket (4.0)
    Cake.Paket.Module (4.0)
    vswhere (2.8.4)
